GEM
  remote: https://rubygems.org/
  specs:
    rack (3.0.7)

PLATFORMS
  ruby

DEPENDENCIES
  rack (>= 3.0.0)

BUNDLED WITH
   2.1.4
