GEM
  remote: https://rubygems.org/
  specs:
    rack (2.2.2)

PLATFORMS
  ruby

DEPENDENCIES
  rack (>= 2.1.3)

BUNDLED WITH
   1.17.3
