GEM
  remote: https://rubygems.org/
  specs:
    rack (3.0.10)

PLATFORMS
  ruby

DEPENDENCIES
  rack (>= 2.2.8.1)

BUNDLED WITH
   2.1.4
