GEM
  remote: https://rubygems.org/
  specs:
    rack (3.0.4.1)

PLATFORMS
  ruby

DEPENDENCIES
  rack (>= 2.0.9.2)

BUNDLED WITH
   2.1.4
