GEM
  remote: https://rubygems.org/
  specs:
    rack (3.0.4.2)

PLATFORMS
  ruby

DEPENDENCIES
  rack (>= 2.0.9.3)

BUNDLED WITH
   2.1.4
